PATH
  remote: .
  specs:
    mogbak (0.2.2)
      activerecord (~> 5.0.0)
      activerecord-import (~> 0.15.0)
      composite_primary_keys (>= 9.0.0)
      gli (~> 2.14.0)
      mogilefs-client (~> 3.9.0)
      mysql2 (~> 0.4.4)
      sqlite3 (~> 1.3.11)

GEM
  remote: https://rubygems.org/
  specs:
    activemodel (5.0.0)
      activesupport (= 5.0.0)
    activerecord (5.0.0)
      activemodel (= 5.0.0)
      activesupport (= 5.0.0)
      arel (~> 7.0)
    activerecord-import (0.15.0)
      activerecord (>= 3.2)
    activesupport (5.0.0)
      concurrent-ruby (~> 1.0, >= 1.0.2)
      i18n (~> 0.7)
      minitest (~> 5.1)
      tzinfo (~> 1.1)
    arel (7.1.0)
    ast (2.3.0)
    awesome_print (1.7.0)
    composite_primary_keys (9.0.0)
      activerecord (~> 5.0.0)
    concurrent-ruby (1.0.2)
    gli (2.14.0)
    i18n (0.7.0)
    minitest (5.9.0)
    mogilefs-client (3.9.0)
    mysql2 (0.4.4)
    parser (2.3.1.2)
      ast (~> 2.2)
    powerpack (0.1.1)
    rainbow (2.1.0)
    rubocop (0.42.0)
      parser (>= 2.3.1.1, < 3.0)
      powerpack (~> 0.1)
      rainbow (>= 1.99.1, < 3.0)
      ruby-progressbar (~> 1.7)
      unicode-display_width (~> 1.0, >= 1.0.1)
    ruby-progressbar (1.8.1)
    sqlite3 (1.3.11)
    thread_safe (0.3.5)
    tzinfo (1.2.2)
      thread_safe (~> 0.1)
    unicode-display_width (1.1.0)

PLATFORMS
  ruby

DEPENDENCIES
  awesome_print
  mogbak!
  rubocop

BUNDLED WITH
   1.12.5
