PATH
  remote: .
  specs:
    mogbak (0.2.2)
      activerecord
      activerecord-import
      composite_primary_keys
      gli
      mogilefs-client
      mysql2
      sqlite3

GEM
  remote: http://rubygems.org/
  specs:
    activemodel (5.0.0)
      activesupport (= 5.0.0)
    activerecord (5.0.0)
      activemodel (= 5.0.0)
      activesupport (= 5.0.0)
      arel (~> 7.0)
    activerecord-import (0.15.0)
      activerecord (>= 3.2)
    activesupport (5.0.0)
      concurrent-ruby (~> 1.0, >= 1.0.2)
      i18n (~> 0.7)
      minitest (~> 5.1)
      tzinfo (~> 1.1)
    arel (7.1.0)
    awesome_print (1.7.0)
    composite_primary_keys (9.0.0)
      activerecord (~> 5.0.0)
    concurrent-ruby (1.0.2)
    gli (2.14.0)
    i18n (0.7.0)
    minitest (5.9.0)
    mogilefs-client (3.9.0)
    mysql2 (0.4.4)
    sqlite3 (1.3.11)
    thread_safe (0.3.5)
    tzinfo (1.2.2)
      thread_safe (~> 0.1)

PLATFORMS
  ruby

DEPENDENCIES
  awesome_print
  mogbak!

BUNDLED WITH
   1.12.5
