PATH
  remote: .
  specs:
    mogbak (0.2.2)
      activerecord (>= 3.0.3)
      activerecord-import (>= 0.2.9)
      ar-extensions
      composite_primary_keys (>= 5.0.8)
      gli (~> 1.5.1)
      mogilefs-client (>= 3.1.1)
      mysql2 (>= 0.3.11)
      sqlite3 (>= 1.3.5)

GEM
  remote: http://rubygems.org/
  specs:
    activemodel (3.2.13)
      activesupport (= 3.2.13)
      builder (~> 3.0.0)
    activerecord (3.2.13)
      activemodel (= 3.2.13)
      activesupport (= 3.2.13)
      arel (~> 3.0.2)
      tzinfo (~> 0.3.29)
    activerecord-import (0.3.1)
      activerecord (~> 3.0)
      activerecord (~> 3.0)
    activesupport (3.2.13)
      i18n (= 0.6.1)
      multi_json (~> 1.0)
    ar-extensions (0.9.2)
      activerecord (>= 2.1.2)
    arel (3.0.2)
    awesome_print (1.1.0)
    builder (3.0.4)
    composite_primary_keys (5.0.12)
      activerecord (~> 3.2.0, >= 3.2.9)
    gli (1.5.1)
    i18n (0.6.1)
    mogilefs-client (3.6.0)
    multi_json (1.7.2)
    mysql2 (0.3.11)
    sqlite3 (1.3.7)
    tzinfo (0.3.37)

PLATFORMS
  ruby

DEPENDENCIES
  awesome_print
  mogbak!
